GEM
  remote: https://rubygems.org/
  specs:
    json (1.4.6)
    nokogiri (1.5.5)
    peach (0.4)
    rack (1.2.1)
    rake (12.3.3)
    sass (3.1.0.alpha.214)
    yui-compressor (0.9.1)

PLATFORMS
  ruby

DEPENDENCIES
  json
  nokogiri (= 1.5.5)
  peach
  rack
  rake
  sass
  yui-compressor
