GEM
  remote: http://rubygems.org/
  specs:
    nokogiri (1.4.4)
    peach (0.4)
    sass (3.1.0.alpha.214)
    yui-compressor (0.9.1)

PLATFORMS
  ruby

DEPENDENCIES
  nokogiri
  peach
  sass
  yui-compressor
