GEM
  remote: https://rubygems.org/
  specs:
    json (1.4.6)
    mini_portile2 (2.8.2)
    nokogiri (1.14.3)
      mini_portile2 (~> 2.8.0)
      racc (~> 1.4)
    peach (0.4)
    racc (1.6.2)
    rack (1.2.1)
    rake (10.0.0)
    sass (3.1.0.alpha.214)
    yui-compressor (0.9.1)

PLATFORMS
  ruby

DEPENDENCIES
  json
  nokogiri (= 1.14.3)
  peach
  rack
  rake
  sass
  yui-compressor
